GEM
  remote: https://rubygems.org/
  specs:
    amatch (0.2.11)
      tins (~> 0.3)
    highline (1.6.20)
    httpclient (2.3.4.1)
    json (1.8.1)
    mini_portile (0.5.1)
    multi_json (1.8.2)
    neography (1.2.3)
      httpclient (>= 2.3.3)
      json (>= 1.7.7)
      multi_json (>= 1.3.2)
      os (>= 0.9.6)
      rubyzip (~> 1.0.0)
    nokogiri (1.6.0)
      mini_portile (~> 0.5.0)
    nokogiri (1.6.0-x86-mingw32)
      mini_portile (~> 0.5.0)
    os (0.9.6)
    rubyzip (1.0.0)
    tins (0.13.1)

PLATFORMS
  ruby
  x86-mingw32

DEPENDENCIES
  amatch
  highline
  neography
  nokogiri
